GEM
  remote: http://rubygems.org/
  specs:
    bluecloth (2.1.0)
    builder (3.0.0)
    daemons (1.1.4)
    eventmachine (0.12.10)
    haml (3.0.15)
    nokogiri (1.5.0)
    rack (1.1.0)
    sanitize (2.0.3)
      nokogiri (>= 1.4.4, < 1.6)
    shotgun (0.9)
      rack (>= 1.0)
    sinatra (1.2.6)
      rack (~> 1.1)
      tilt (>= 1.2.2, < 2.0)
    thin (1.2.11)
      daemons (>= 1.0.9)
      eventmachine (>= 0.12.6)
      rack (>= 1.0.0)
    tilt (1.3.2)

PLATFORMS
  ruby

DEPENDENCIES
  bluecloth
  builder
  haml (= 3.0.15)
  rack (= 1.1.0)
  sanitize
  shotgun
  sinatra
  thin
  tilt
